GEM
  remote: https://rubygems.org/
  specs:
    puma (3.12.6)
    rack (2.1.4)

PLATFORMS
  ruby

DEPENDENCIES
  puma
  rack

BUNDLED WITH
   1.11.2
